PATH
  remote: .
  specs:
    fluent-plugin-kubernetes_metadata_filter (2.4.6.pre.openai2)
      fluentd (>= 0.14.0, < 2)
      kubeclient (< 5)
      lru_redux

GEM
  remote: https://rubygems.org/
  specs:
    addressable (2.8.0)
      public_suffix (>= 2.0.2, < 5.0)
    ast (2.4.0)
    bump (0.6.1)
    charlock_holmes (0.7.7)
    codeclimate-test-reporter (0.6.0)
      simplecov (>= 0.7.1, < 1.0.0)
    concurrent-ruby (1.1.9)
    cool.io (1.7.1)
    copyright-header (1.0.22)
      github-linguist
    crack (0.4.3)
      safe_yaml (~> 1.0.0)
    dig_rb (1.0.1)
    docile (1.3.5)
    domain_name (0.5.20190701)
      unf (>= 0.0.5, < 1.0.0)
    escape_utils (1.2.1)
    fluentd (1.8.1)
      cool.io (>= 1.4.5, < 2.0.0)
      dig_rb (~> 1.0.0)
      http_parser.rb (>= 0.5.1, < 0.7.0)
      msgpack (>= 1.2.0, < 2.0.0)
      serverengine (>= 2.0.4, < 3.0.0)
      sigdump (~> 0.2.2)
      strptime (>= 0.2.2, < 1.0.0)
      tzinfo (>= 1.0, < 3.0)
      tzinfo-data (~> 1.0)
      yajl-ruby (~> 1.0)
    github-linguist (7.18.0)
      charlock_holmes (~> 0.7.7)
      escape_utils (~> 1.2.0)
      mini_mime (~> 1.0)
      rugged (>= 0.25.1)
    hashdiff (1.0.1)
    http (2.2.2)
      addressable (~> 2.3)
      http-cookie (~> 1.0)
      http-form_data (~> 1.0.1)
      http_parser.rb (~> 0.6.0)
    http-accept (1.7.0)
    http-cookie (1.0.5)
      domain_name (~> 0.5)
    http-form_data (1.0.3)
    http_parser.rb (0.6.0)
    json (2.5.1)
    kubeclient (2.5.2)
      http (>= 0.98, < 3)
      recursive-open-struct (~> 1.0.0)
      rest-client
    lru_redux (1.1.0)
    mime-types (3.4.1)
      mime-types-data (~> 3.2015)
    mime-types-data (3.2022.0105)
    mini_mime (1.0.2)
    minitest (4.7.5)
    msgpack (1.3.3)
    netrc (0.11.0)
    parser (2.7.0.4)
      ast (~> 2.4.0)
    power_assert (1.1.6)
    powerpack (0.1.3)
    public_suffix (3.1.1)
    rainbow (2.2.2)
      rake
    rake (12.3.3)
    recursive-open-struct (1.0.5)
    rest-client (2.1.0)
      http-accept (>= 1.7.0, < 2.0)
      http-cookie (>= 1.0.2, < 2.0)
      mime-types (>= 1.16, < 4.0)
      netrc (~> 0.8)
    rr (1.2.1)
    rubocop (0.48.1)
      parser (>= 2.3.3.1, < 3.0)
      powerpack (~> 0.1)
      rainbow (>= 1.99.1, < 3.0)
      ruby-progressbar (~> 1.7)
      unicode-display_width (~> 1.0, >= 1.0.1)
    ruby-progressbar (1.10.1)
    rugged (0.99.0)
    safe_yaml (1.0.5)
    serverengine (2.3.0)
      sigdump (~> 0.2.2)
    sigdump (0.2.4)
    simplecov (0.17.1)
      docile (~> 1.1)
      json (>= 1.8, < 3)
      simplecov-html (~> 0.10.0)
    simplecov-html (0.10.2)
    strptime (0.2.5)
    test-unit (3.0.9)
      power_assert
    test-unit-rr (1.0.5)
      rr (>= 1.1.1)
      test-unit (>= 2.5.2)
    tzinfo (2.0.5)
      concurrent-ruby (~> 1.0)
    tzinfo-data (1.2022.4)
      tzinfo (>= 1.0.0)
    unf (0.1.4)
      unf_ext
    unf_ext (0.0.7.7)
    unicode-display_width (1.6.1)
    vcr (5.1.0)
    webmock (3.16.2)
      addressable (>= 2.8.0)
      crack (>= 0.3.2)
      hashdiff (>= 0.4.0, < 2.0.0)
    yajl-ruby (1.4.1)

PLATFORMS
  ruby

DEPENDENCIES
  bump
  bundler (~> 2.0)
  codeclimate-test-reporter (< 1.0.0)
  copyright-header
  fluent-plugin-kubernetes_metadata_filter!
  minitest (~> 4.0)
  rake
  rubocop
  test-unit (~> 3.0.2)
  test-unit-rr (~> 1.0.3)
  vcr
  webmock
  yajl-ruby

BUNDLED WITH
   2.1.4
